GEM
  remote: http://rubygems.org/
  specs:
    glu (8.2.2-x86-mingw32)
    glut (8.2.2-x86-mingw32)
    opengl (0.9.2-x86-mingw32)

PLATFORMS
  x86-mingw32

DEPENDENCIES
  glu
  glut
  opengl

BUNDLED WITH
   1.11.2
